GIT
  remote: https://github.com/hanami/assets.git
  revision: 16273c8b84ba512016152c0194597781a5c0a312
  branch: main
  specs:
    hanami-assets (2.3.0.beta1)
      zeitwerk (~> 2.6)

GIT
  remote: https://github.com/hanami/cli.git
  revision: 20a5ce56d2f13d3161d50bd41034578cf1089aa2
  branch: main
  specs:
    hanami-cli (2.3.0.beta1)
      bundler (~> 2.1)
      dry-cli (~> 1.0, >= 1.1.0)
      dry-files (~> 1.0, >= 1.0.2, < 2)
      dry-inflector (~> 1.0, < 2)
      irb
      rackup
      rake (~> 13.0)
      zeitwerk (~> 2.6)

GIT
  remote: https://github.com/hanami/controller.git
  revision: 5aebd2a03d24c3afed2d15b105bc38f6038fae27
  branch: main
  specs:
    hanami-controller (2.3.0.beta1)
      dry-configurable (~> 1.0, < 2)
      dry-core (~> 1.0)
      hanami-utils (~> 2.3.0.beta1)
      rack (>= 2.1)
      zeitwerk (~> 2.6)

GIT
  remote: https://github.com/hanami/db.git
  revision: 424ab21de290c53cdbc3abf7f7ac8e6357d87ffd
  branch: main
  specs:
    hanami-db (2.3.0.beta1)
      rom (~> 5.4, >= 5.4.1)
      rom-sql (~> 3.7)
      zeitwerk (~> 2.6)

GIT
  remote: https://github.com/hanami/hanami.git
  revision: 449d282d00614831bb438a31348091ca10b18bcb
  branch: main
  specs:
    hanami (2.3.0.beta1)
      bundler (>= 1.16, < 3)
      dry-configurable (~> 1.0, >= 1.2.0, < 2)
      dry-core (~> 1.0, < 2)
      dry-inflector (~> 1.0, >= 1.1.0, < 2)
      dry-logger (~> 1.0, < 2)
      dry-monitor (~> 1.0, >= 1.0.1, < 2)
      dry-system (~> 1.1)
      hanami-cli (~> 2.3.0.beta1)
      hanami-utils (~> 2.2)
      json (>= 2.7.2)
      rack-session
      zeitwerk (~> 2.6)

GIT
  remote: https://github.com/hanami/reloader.git
  revision: 37eee7a3012f7b6deb4d8e58d6e36bd8a6a4f629
  branch: main
  specs:
    hanami-reloader (2.3.0.beta1)
      guard (~> 2.19)
      guard-puma (~> 0.8)
      hanami-cli (~> 2.3.0.beta1)
      zeitwerk (~> 2.6)

GIT
  remote: https://github.com/hanami/router.git
  revision: 2be6d1c9d0ba50703fa254e979985cd9ab5103a4
  branch: main
  specs:
    hanami-router (2.3.0.beta1)
      csv (~> 3.3)
      mustermann (~> 3.0)
      mustermann-contrib (~> 3.0)
      rack (>= 2.0)

GIT
  remote: https://github.com/hanami/rspec.git
  revision: 7f10b2fab7008678f8b87f5c0686d07b3fb728ed
  branch: main
  specs:
    hanami-rspec (2.3.0.beta1)
      hanami-cli (~> 2.3.0.beta1)
      rake (~> 13.0)
      rspec (~> 3.12)
      zeitwerk (~> 2.6)

GIT
  remote: https://github.com/hanami/validations.git
  revision: 820cd103768147df4d6f90513922c1287f41073b
  branch: main
  specs:
    hanami-validations (2.3.0.beta1)
      dry-validation (>= 1.10, < 2)

GIT
  remote: https://github.com/hanami/view.git
  revision: 01eee6381c4f1e5f7c26cfba0f3f2a01e16cc0db
  branch: main
  specs:
    hanami-view (2.3.0.beta1)
      dry-configurable (~> 1.0)
      dry-core (~> 1.0)
      dry-inflector (~> 1.0, < 2)
      temple (~> 0.10.0, >= 0.10.2)
      tilt (~> 2.3)
      zeitwerk (~> 2.6)

GIT
  remote: https://github.com/hanami/webconsole.git
  revision: d279ba6e53b9ac5b39fd203ff97c09a54a427ab3
  branch: main
  specs:
    hanami-webconsole (2.3.0.beta1)
      better_errors (~> 2.10, >= 2.10.1)
      binding_of_caller (~> 1.0)

GEM
  remote: https://rubygems.org/
  specs:
    addressable (2.8.7)
      public_suffix (>= 2.0.2, < 7.0)
    base64 (0.3.0)
    better_errors (2.10.1)
      erubi (>= 1.0.0)
      rack (>= 0.9.0)
      rouge (>= 1.0.0)
    bigdecimal (3.2.3)
    binding_of_caller (1.0.1)
      debug_inspector (>= 1.2.0)
    capybara (3.40.0)
      addressable
      matrix
      mini_mime (>= 0.1.3)
      nokogiri (~> 1.11)
      rack (>= 1.6.0)
      rack-test (>= 0.6.3)
      regexp_parser (>= 1.5, < 3.0)
      xpath (~> 3.2)
    coderay (1.1.3)
    concurrent-ruby (1.3.5)
    csv (3.3.5)
    database_cleaner-core (2.0.1)
    database_cleaner-sequel (2.0.2)
      database_cleaner-core (~> 2.0.0)
      sequel
    date (3.4.1)
    debug_inspector (1.2.0)
    diff-lcs (1.6.2)
    dotenv (3.1.8)
    dry-auto_inject (1.1.0)
      dry-core (~> 1.1)
      zeitwerk (~> 2.6)
    dry-cli (1.3.0)
    dry-configurable (1.3.0)
      dry-core (~> 1.1)
      zeitwerk (~> 2.6)
    dry-core (1.1.0)
      concurrent-ruby (~> 1.0)
      logger
      zeitwerk (~> 2.6)
    dry-events (1.1.0)
      concurrent-ruby (~> 1.0)
      dry-core (~> 1.1)
    dry-files (1.1.0)
    dry-inflector (1.2.0)
    dry-initializer (3.2.0)
    dry-logger (1.1.0)
    dry-logic (1.6.0)
      bigdecimal
      concurrent-ruby (~> 1.0)
      dry-core (~> 1.1)
      zeitwerk (~> 2.6)
    dry-monads (1.9.0)
      concurrent-ruby (~> 1.0)
      dry-core (~> 1.1)
      zeitwerk (~> 2.6)
    dry-monitor (1.0.1)
      dry-configurable (~> 1.0, < 2)
      dry-core (~> 1.0, < 2)
      dry-events (~> 1.0, < 2)
    dry-operation (1.0.0)
      dry-monads (~> 1.6)
      zeitwerk (~> 2.6)
    dry-schema (1.14.1)
      concurrent-ruby (~> 1.0)
      dry-configurable (~> 1.0, >= 1.0.1)
      dry-core (~> 1.1)
      dry-initializer (~> 3.2)
      dry-logic (~> 1.5)
      dry-types (~> 1.8)
      zeitwerk (~> 2.6)
    dry-struct (1.8.0)
      dry-core (~> 1.1)
      dry-types (~> 1.8, >= 1.8.2)
      ice_nine (~> 0.11)
      zeitwerk (~> 2.6)
    dry-system (1.2.4)
      dry-auto_inject (~> 1.1)
      dry-configurable (~> 1.3)
      dry-core (~> 1.1)
      dry-inflector (~> 1.1)
    dry-transformer (1.0.1)
      zeitwerk (~> 2.6)
    dry-types (1.8.3)
      bigdecimal (~> 3.0)
      concurrent-ruby (~> 1.0)
      dry-core (~> 1.0)
      dry-inflector (~> 1.0)
      dry-logic (~> 1.4)
      zeitwerk (~> 2.6)
    dry-validation (1.11.1)
      concurrent-ruby (~> 1.0)
      dry-core (~> 1.1)
      dry-initializer (~> 3.2)
      dry-schema (~> 1.14)
      zeitwerk (~> 2.6)
    erb (5.0.2)
    erubi (1.13.1)
    ffi (1.17.2-aarch64-linux-gnu)
    ffi (1.17.2-aarch64-linux-musl)
    ffi (1.17.2-arm-linux-gnu)
    ffi (1.17.2-arm-linux-musl)
    ffi (1.17.2-arm64-darwin)
    ffi (1.17.2-x86-linux-gnu)
    ffi (1.17.2-x86-linux-musl)
    ffi (1.17.2-x86_64-darwin)
    ffi (1.17.2-x86_64-linux-gnu)
    ffi (1.17.2-x86_64-linux-musl)
    formatador (1.2.1)
      reline
    guard (2.19.1)
      formatador (>= 0.2.4)
      listen (>= 2.7, < 4.0)
      logger (~> 1.6)
      lumberjack (>= 1.0.12, < 2.0)
      nenv (~> 0.1)
      notiffany (~> 0.0)
      ostruct (~> 0.6)
      pry (>= 0.13.0)
      shellany (~> 0.0)
      thor (>= 0.18.1)
    guard-compat (1.2.1)
    guard-puma (0.9.2)
      guard (~> 2.14)
      guard-compat (~> 1.2)
      puma (>= 4.0, < 8)
    hanami-utils (2.3.0.beta1)
      bigdecimal (~> 3.1)
      concurrent-ruby (~> 1.0)
      dry-core (~> 1.0, < 2)
      dry-transformer (~> 1.0, < 2)
    hansi (0.2.1)
    ice_nine (0.11.2)
    io-console (0.8.1)
    irb (1.15.2)
      pp (>= 0.6.0)
      rdoc (>= 4.0.0)
      reline (>= 0.4.2)
    json (2.15.0)
    listen (3.9.0)
      rb-fsevent (~> 0.10, >= 0.10.3)
      rb-inotify (~> 0.9, >= 0.9.10)
    logger (1.7.0)
    lumberjack (1.4.2)
    matrix (0.4.3)
    method_source (1.1.0)
    mini_mime (1.1.5)
    mini_portile2 (2.8.9)
    mustermann (3.0.4)
      ruby2_keywords (~> 0.0.1)
    mustermann-contrib (3.0.4)
      hansi (~> 0.2.0)
      mustermann (= 3.0.4)
    nenv (0.3.0)
    nio4r (2.7.4)
    nokogiri (1.18.10)
      mini_portile2 (~> 2.8.2)
      racc (~> 1.4)
    nokogiri (1.18.10-aarch64-linux-gnu)
      racc (~> 1.4)
    nokogiri (1.18.10-aarch64-linux-musl)
      racc (~> 1.4)
    nokogiri (1.18.10-arm-linux-gnu)
      racc (~> 1.4)
    nokogiri (1.18.10-arm-linux-musl)
      racc (~> 1.4)
    nokogiri (1.18.10-arm64-darwin)
      racc (~> 1.4)
    nokogiri (1.18.10-x86_64-darwin)
      racc (~> 1.4)
    nokogiri (1.18.10-x86_64-linux-gnu)
      racc (~> 1.4)
    nokogiri (1.18.10-x86_64-linux-musl)
      racc (~> 1.4)
    notiffany (0.1.3)
      nenv (~> 0.1)
      shellany (~> 0.0)
    ostruct (0.6.3)
    pp (0.6.2)
      prettyprint
    prettyprint (0.2.0)
    pry (0.15.2)
      coderay (~> 1.1)
      method_source (~> 1.0)
    psych (5.2.6)
      date
      stringio
    public_suffix (6.0.2)
    puma (7.0.4)
      nio4r (~> 2.0)
    racc (1.8.1)
    rack (3.2.1)
    rack-session (2.1.1)
      base64 (>= 0.1.0)
      rack (>= 3.0.0)
    rack-test (2.2.0)
      rack (>= 1.3)
    rackup (2.2.1)
      rack (>= 3)
    rake (13.3.0)
    rb-fsevent (0.11.2)
    rb-inotify (0.11.1)
      ffi (~> 1.0)
    rdoc (6.15.0)
      erb
      psych (>= 4.0.0)
      tsort
    regexp_parser (2.11.3)
    reline (0.6.2)
      io-console (~> 0.5)
    rom (5.4.2)
      rom-changeset (~> 5.4)
      rom-core (~> 5.4)
      rom-repository (~> 5.4, >= 5.4.2)
    rom-changeset (5.4.0)
      dry-core (~> 1.0)
      rom-core (~> 5.4)
      transproc (~> 1.1)
    rom-core (5.4.0)
      concurrent-ruby (~> 1.1)
      dry-configurable (~> 1.0)
      dry-core (~> 1.0)
      dry-inflector (~> 1.0)
      dry-initializer (~> 3.2)
      dry-struct (~> 1.0)
      dry-types (~> 1.6)
      transproc (~> 1.1)
    rom-repository (5.4.2)
      dry-core (~> 1.0)
      dry-initializer (~> 3.2)
      rom-core (~> 5.4)
    rom-sql (3.7.0)
      dry-core (~> 1.1)
      dry-types (~> 1.8)
      rom (~> 5.4)
      sequel (>= 4.49)
    rouge (4.6.1)
    rspec (3.13.1)
      rspec-core (~> 3.13.0)
      rspec-expectations (~> 3.13.0)
      rspec-mocks (~> 3.13.0)
    rspec-core (3.13.5)
      rspec-support (~> 3.13.0)
    rspec-expectations (3.13.5)
      diff-lcs (>= 1.2.0, < 2.0)
      rspec-support (~> 3.13.0)
    rspec-mocks (3.13.5)
      diff-lcs (>= 1.2.0, < 2.0)
      rspec-support (~> 3.13.0)
    rspec-support (3.13.6)
    ruby2_keywords (0.0.5)
    rugged (1.9.0)
    sequel (5.97.0)
      bigdecimal
    shellany (0.0.1)
    sqlite3 (2.7.4-aarch64-linux-gnu)
    sqlite3 (2.7.4-aarch64-linux-musl)
    sqlite3 (2.7.4-arm-linux-gnu)
    sqlite3 (2.7.4-arm-linux-musl)
    sqlite3 (2.7.4-arm64-darwin)
    sqlite3 (2.7.4-x86-linux-gnu)
    sqlite3 (2.7.4-x86-linux-musl)
    sqlite3 (2.7.4-x86_64-darwin)
    sqlite3 (2.7.4-x86_64-linux-gnu)
    sqlite3 (2.7.4-x86_64-linux-musl)
    stringio (3.1.7)
    temple (0.10.4)
    thor (1.4.0)
    tilt (2.6.1)
    transproc (1.1.1)
    tsort (0.2.0)
    xpath (3.2.0)
      nokogiri (~> 1.8)
    zeitwerk (2.7.3)

PLATFORMS
  aarch64-linux-gnu
  aarch64-linux-musl
  arm-linux-gnu
  arm-linux-musl
  arm64-darwin
  x86-linux-gnu
  x86-linux-musl
  x86_64-darwin
  x86_64-linux-gnu
  x86_64-linux-musl

DEPENDENCIES
  capybara
  database_cleaner-sequel
  dotenv
  dry-operation
  dry-types (~> 1.7)
  hanami!
  hanami-assets!
  hanami-cli!
  hanami-controller!
  hanami-db!
  hanami-reloader!
  hanami-router!
  hanami-rspec!
  hanami-validations!
  hanami-view!
  hanami-webconsole!
  puma
  rack-test
  rake
  rugged (~> 1.9)
  sqlite3

BUNDLED WITH
   2.6.7
